GEM
  remote: http://rubygems.org/
  specs:
    crack (0.1.8)
    gibbon (0.1.5)
      httparty (> 0.6.0)
      json (> 1.4.0)
    httparty (0.7.7)
      crack (= 0.1.8)
    json (1.5.1)
    rack (1.2.2)
    sinatra (1.2.6)
      rack (~> 1.1)
      tilt (>= 1.2.2, < 2.0)
    tilt (1.3)

PLATFORMS
  ruby

DEPENDENCIES
  gibbon
  sinatra
